GIT
  remote: https://github.com/Satish/restful-authentication.git
  revision: a2f669944c86f2bec46bb248360e556a983140d4
  branch: rails3
  specs:
    restful-authentication (2.0.0.beta1)

GIT
  remote: https://github.com/activescaffold/active_scaffold.git
  revision: 3bbec5f15a3a94e7f8fce2d3f4e6b2cad9bffc5e
  branch: rails-3.0
  specs:
    active_scaffold (3.0.26)
      rails (~> 3.0.0)
      render_component_vho
      verification

GIT
  remote: https://github.com/vhochstein/render_component.git
  revision: 2bf9a04cdf0919983cb372eaa7ba61dc25f2031b
  ref: 2bf9a04cdf0919983cb372eaa7ba61dc25f2031b
  specs:
    render_component_vho (3.0.3)
      railties (~> 3.0.0)

GEM
  remote: http://rubygems.org/
  specs:
    abstract (1.0.0)
    actionmailer (3.0.17)
      actionpack (= 3.0.17)
      mail (~> 2.2.19)
    actionpack (3.0.17)
      activemodel (= 3.0.17)
      activesupport (= 3.0.17)
      builder (~> 2.1.2)
      erubis (~> 2.6.6)
      i18n (~> 0.5.0)
      rack (~> 1.2.5)
      rack-mount (~> 0.6.14)
      rack-test (~> 0.5.7)
      tzinfo (~> 0.3.23)
    activemodel (3.0.17)
      activesupport (= 3.0.17)
      builder (~> 2.1.2)
      i18n (~> 0.5.0)
    activerecord (3.0.17)
      activemodel (= 3.0.17)
      activesupport (= 3.0.17)
      arel (~> 2.0.10)
      tzinfo (~> 0.3.23)
    activeresource (3.0.17)
      activemodel (= 3.0.17)
      activesupport (= 3.0.17)
    activesupport (3.0.17)
    annotate (2.5.0)
      rake
    arel (2.0.10)
    bourne (1.1.2)
      mocha (= 0.10.5)
    builder (2.1.2)
    differ (0.1.2)
    erubis (2.6.6)
      abstract (>= 1.0.0)
    factory_girl (1.3.3)
    fastercsv (1.5.5)
    haml (3.1.7)
    htmlentities (4.3.1)
    i18n (0.5.0)
    json (1.7.5)
    mail (2.2.19)
      activesupport (>= 2.3.6)
      i18n (>= 0.4.0)
      mime-types (~> 1.16)
      treetop (~> 1.4.8)
    metaclass (0.0.1)
    mime-types (1.19)
    mocha (0.10.5)
      metaclass (~> 0.0.1)
    pg (0.14.1)
    polyglot (0.3.3)
    rack (1.2.5)
    rack-mount (0.6.14)
      rack (>= 1.0.0)
    rack-test (0.5.7)
      rack (>= 1.0)
    rails (3.0.17)
      actionmailer (= 3.0.17)
      actionpack (= 3.0.17)
      activerecord (= 3.0.17)
      activeresource (= 3.0.17)
      activesupport (= 3.0.17)
      bundler (~> 1.0)
      railties (= 3.0.17)
    railties (3.0.17)
      actionpack (= 3.0.17)
      activesupport (= 3.0.17)
      rake (>= 0.8.7)
      rdoc (~> 3.4)
      thor (~> 0.14.4)
    rake (10.0.3)
    rd_searchlogic (3.0.1)
      activerecord (>= 3.0.0)
    rdoc (3.12)
      json (~> 1.4)
    shoulda (3.3.2)
      shoulda-context (~> 1.0.1)
      shoulda-matchers (~> 1.4.1)
    shoulda-context (1.0.2)
    shoulda-matchers (1.4.2)
      activesupport (>= 3.0.0)
      bourne (~> 1.1.2)
    thor (0.14.6)
    treetop (1.4.12)
      polyglot
      polyglot (>= 0.3.1)
    tzinfo (0.3.35)
    verification (1.0.1)
      actionpack (~> 3.0.0)
      activesupport (~> 3.0.0)
    will_paginate (2.3.16)

PLATFORMS
  ruby

DEPENDENCIES
  active_scaffold!
  annotate (>= 2.5.0)
  differ
  factory_girl (~> 1.0)
  fastercsv
  haml
  htmlentities
  pg
  rack
  rails (= 3.0.17)
  rd_searchlogic
  rdoc
  render_component_vho!
  restful-authentication!
  shoulda
  will_paginate (~> 2.0)
